GEM
  remote: http://rubygems.org/
  specs:
    clockwork (0.3.1)
    foreman (0.25.0)
      term-ansicolor (~> 1.0.5)
      thor (>= 0.13.6)
    i18n (0.6.0)
    mail (2.3.0)
      i18n (>= 0.4.0)
      mime-types (~> 1.16)
      treetop (~> 1.4.8)
    mime-types (1.16)
    nokogiri (1.5.0)
    polyglot (0.3.2)
    term-ansicolor (1.0.7)
    thor (0.14.6)
    treetop (1.4.10)
      polyglot
      polyglot (>= 0.3.1)

PLATFORMS
  ruby

DEPENDENCIES
  clockwork
  foreman
  mail
  nokogiri
